GEM
  remote: https://rubygems.org/
  specs:
    concurrent-ruby (1.1.9)
    deep_merge (1.2.1)
    diff-lcs (1.4.4)
    facter (4.2.2)
      hocon (~> 1.3)
      thor (>= 1.0.1, < 2.0)
    fast_gettext (1.8.0)
    hiera (3.7.0)
    hocon (1.3.1)
    locale (2.1.3)
    mocha (1.13.0)
    multi_json (1.15.0)
    pathspec (1.0.0)
    puppet (7.9.0)
      concurrent-ruby (~> 1.0)
      deep_merge (~> 1.0)
      facter (> 2.0.1, < 5)
      fast_gettext (~> 1.1)
      hiera (>= 3.2.1, < 4)
      locale (~> 2.1)
      multi_json (~> 1.10)
      puppet-resource_api (~> 1.5)
      scanf (~> 1.0)
      semantic_puppet (~> 1.0)
    puppet-lint (2.5.0)
    puppet-resource_api (1.8.14)
      hocon (>= 1.0)
    puppet-syntax (3.1.0)
      puppet (>= 5)
      rake
    puppetlabs_spec_helper (4.0.0)
      mocha (~> 1.0)
      pathspec (>= 0.2.1, < 1.1.0)
      puppet-lint (~> 2.0)
      puppet-syntax (>= 2.0, < 4)
      rspec-puppet (~> 2.0)
    rake (13.0.6)
    rspec (3.10.0)
      rspec-core (~> 3.10.0)
      rspec-expectations (~> 3.10.0)
      rspec-mocks (~> 3.10.0)
    rspec-core (3.10.1)
      rspec-support (~> 3.10.0)
    rspec-expectations (3.10.1)
      diff-lcs (>= 1.2.0, < 2.0)
      rspec-support (~> 3.10.0)
    rspec-mocks (3.10.2)
      diff-lcs (>= 1.2.0, < 2.0)
      rspec-support (~> 3.10.0)
    rspec-puppet (2.10.0)
      rspec
    rspec-support (3.10.2)
    scanf (1.0.0)
    semantic_puppet (1.0.4)
    thor (1.1.0)

PLATFORMS
  ruby

DEPENDENCIES
  puppet
  puppetlabs_spec_helper
  rspec-puppet

BUNDLED WITH
   2.2.24
